GEM
  remote: https://rubygems.org/
  specs:
    coderay (1.1.0)
    dogapi (1.21.0)
      multi_json
    method_source (0.8.2)
    multi_json (1.11.2)
    pry (0.10.3)
      coderay (~> 1.1.0)
      method_source (~> 0.8.1)
      slop (~> 3.4)
    slop (3.6.0)

PLATFORMS
  ruby

DEPENDENCIES
  dogapi
  pry

BUNDLED WITH
   1.11.2
